GEM
  remote: https://rubygems.org/
  specs:
    hkdf (0.3.0)
    jwt (1.5.6)
    rack (1.6.4)
    rack-protection (1.5.3)
      rack
    red25519 (1.1.0)
      hkdf
    redis (3.3.1)
    sinatra (1.4.7)
      rack (~> 1.5)
      rack-protection (~> 1.4)
      tilt (>= 1.3, < 3)
    tilt (2.0.5)

PLATFORMS
  ruby

DEPENDENCIES
  jwt
  red25519
  redis
  sinatra

BUNDLED WITH
   1.13.3
